GEM
  remote: https://rubygems.org/
  specs:
    activesupport (5.2.1)
      concurrent-ruby (~> 1.0, >= 1.0.2)
      i18n (>= 0.7, < 2)
      minitest (~> 5.1)
      tzinfo (~> 1.1)
    addressable (2.5.2)
      public_suffix (>= 2.0.2, < 4.0)
    ast (2.4.0)
    byebug (10.0.2)
    coderay (1.1.2)
    concurrent-ruby (1.0.5)
    crack (0.4.3)
      safe_yaml (~> 1.0.0)
    curb (0.9.6)
    diff-lcs (1.3)
    discordrb (3.3.0)
      discordrb-webhooks (~> 3.3.0)
      ffi (>= 1.9.24)
      opus-ruby
      rbnacl (~> 3.4.0)
      rest-client (>= 2.1.0.rc1)
      websocket-client-simple (>= 0.3.0)
    discordrb-webhooks (3.3.0)
      rest-client (>= 2.1.0.rc1)
    domain_name (0.5.20180417)
      unf (>= 0.0.5, < 1.0.0)
    et-orbi (1.1.4)
      tzinfo
    event_emitter (0.2.6)
    factory_bot (4.11.1)
      activesupport (>= 3.0.0)
    faraday (0.15.2)
      multipart-post (>= 1.2, < 3)
    ffi (1.9.25)
    fugit (1.1.5)
      et-orbi (~> 1.1, >= 1.1.3)
      raabro (~> 1.1)
    hashdiff (0.3.7)
    http-accept (1.7.0)
    http-cookie (1.0.3)
      domain_name (~> 0.5)
    i18n (1.1.0)
      concurrent-ruby (~> 1.0)
    jaro_winkler (1.5.1)
    levenshtein-ffi (1.1.0)
      ffi (~> 1.9)
    method_source (0.9.0)
    mime-types (3.2.2)
      mime-types-data (~> 3.2015)
    mime-types-data (3.2018.0812)
    mini_portile2 (2.3.0)
    minitest (5.11.3)
    multipart-post (2.0.0)
    netrc (0.11.0)
    nokogiri (1.8.5)
      mini_portile2 (~> 2.3.0)
    opus-ruby (1.0.1)
      ffi
    parallel (1.12.1)
    parser (2.5.1.2)
      ast (~> 2.4.0)
    powerpack (0.1.2)
    prius (2.0.0)
    pry (0.11.3)
      coderay (~> 1.1.0)
      method_source (~> 0.9.0)
    pry-byebug (3.6.0)
      byebug (~> 10.0)
      pry (~> 0.10)
    public_suffix (3.0.2)
    raabro (1.1.6)
    rainbow (3.0.0)
    rake (12.3.1)
    rbnacl (3.4.0)
      ffi
    rest-client (2.1.0.rc1)
      http-accept (>= 1.7.0, < 2.0)
      http-cookie (>= 1.0.2, < 2.0)
      mime-types (>= 1.16, < 4.0)
      netrc (~> 0.8)
    rspec (3.8.0)
      rspec-core (~> 3.8.0)
      rspec-expectations (~> 3.8.0)
      rspec-mocks (~> 3.8.0)
    rspec-core (3.8.0)
      rspec-support (~> 3.8.0)
    rspec-expectations (3.8.0)
      diff-lcs (>= 1.2.0, < 2.0)
      rspec-support (~> 3.8.0)
    rspec-mocks (3.8.0)
      diff-lcs (>= 1.2.0, < 2.0)
      rspec-support (~> 3.8.0)
    rspec-support (3.8.0)
    rspec_junit_formatter (0.4.1)
      rspec-core (>= 2, < 4, != 2.12.0)
    rubocop (0.59.2)
      jaro_winkler (~> 1.5.1)
      parallel (~> 1.10)
      parser (>= 2.5, != 2.5.1.1)
      powerpack (~> 0.1)
      rainbow (>= 2.2.2, < 4.0)
      ruby-progressbar (~> 1.7)
      unicode-display_width (~> 1.0, >= 1.0.1)
    ruby-progressbar (1.10.0)
    rufus-scheduler (3.5.2)
      fugit (~> 1.1, >= 1.1.5)
    safe_yaml (1.0.4)
    sentry-raven (2.7.4)
      faraday (>= 0.7.6, < 1.0)
    songkick-transport (1.11.0)
      multipart-post (>= 1.1.0)
      yajl-ruby (>= 1.1.0)
    thread_safe (0.3.6)
    tzinfo (1.2.5)
      thread_safe (~> 0.1)
    unf (0.1.4)
      unf_ext
    unf_ext (0.0.7.5)
    unicode-display_width (1.4.0)
    webmock (3.4.2)
      addressable (>= 2.3.6)
      crack (>= 0.3.2)
      hashdiff
    websocket (1.2.8)
    websocket-client-simple (0.3.0)
      event_emitter
      websocket
    yajl-ruby (1.3.1)

PLATFORMS
  ruby

DEPENDENCIES
  curb (~> 0.9.6)
  discordrb (~> 3.3.0)
  factory_bot (~> 4.11.1)
  levenshtein-ffi (~> 1.1.0)
  nokogiri (~> 1.8.5)
  prius (~> 2.0)
  pry-byebug
  rake
  rspec (~> 3.8.0)
  rspec_junit_formatter (= 0.4.1)
  rubocop (~> 0.59.2)
  rufus-scheduler (~> 3.5.2)
  sentry-raven (~> 2.7.4)
  songkick-transport (~> 1.11.0)
  webmock (~> 3.4.2)

BUNDLED WITH
   1.16.2
