GEM
  remote: https://rubygems.org/
  specs:
    activesupport (5.0.0.1)
      concurrent-ruby (~> 1.0, >= 1.0.2)
      i18n (~> 0.7)
      minitest (~> 5.1)
      tzinfo (~> 1.1)
    addressable (2.5.0)
      public_suffix (~> 2.0, >= 2.0.2)
    ast (2.3.0)
    builder (3.2.2)
    concurrent-ruby (1.0.2)
    crack (0.4.3)
      safe_yaml (~> 1.0.0)
    curb (0.9.3)
    diff-lcs (1.2.5)
    discordrb (3.1.1)
      activesupport
      opus-ruby
      rbnacl
      rest-client
      websocket-client-simple (>= 0.3.0)
    domain_name (0.5.20160826)
      unf (>= 0.0.5, < 1.0.0)
    event_emitter (0.2.5)
    factory_girl (4.8.0)
      activesupport (>= 3.0.0)
    ffi (1.9.14)
    hashdiff (0.3.2)
    http-cookie (1.0.3)
      domain_name (~> 0.5)
    i18n (0.7.0)
    levenshtein-ffi (1.1.0)
      ffi (~> 1.9)
    mime-types (3.1)
      mime-types-data (~> 3.2015)
    mime-types-data (3.2016.0521)
    mini_portile2 (2.1.0)
    minitest (5.9.1)
    multipart-post (2.0.0)
    netrc (0.11.0)
    nokogiri (1.7.0)
      mini_portile2 (~> 2.1.0)
    opus-ruby (1.0.1)
      ffi
    parser (2.3.3.1)
      ast (~> 2.2)
    powerpack (0.1.1)
    prius (1.0.0)
    public_suffix (2.0.4)
    rainbow (2.2.1)
    rbnacl (3.4.0)
      ffi
    rest-client (2.0.0)
      http-cookie (>= 1.0.2, < 2.0)
      mime-types (>= 1.16, < 4.0)
      netrc (~> 0.8)
    rspec (3.4.0)
      rspec-core (~> 3.4.0)
      rspec-expectations (~> 3.4.0)
      rspec-mocks (~> 3.4.0)
    rspec-core (3.4.0)
      rspec-support (~> 3.4.0)
    rspec-expectations (3.4.0)
      diff-lcs (>= 1.2.0, < 2.0)
      rspec-support (~> 3.4.0)
    rspec-mocks (3.4.0)
      diff-lcs (>= 1.2.0, < 2.0)
      rspec-support (~> 3.4.0)
    rspec-support (3.4.0)
    rspec_junit_formatter (0.2.3)
      builder (< 4)
      rspec-core (>= 2, < 4, != 2.12.0)
    rubocop (0.46.0)
      parser (>= 2.3.1.1, < 3.0)
      powerpack (~> 0.1)
      rainbow (>= 1.99.1, < 3.0)
      ruby-progressbar (~> 1.7)
      unicode-display_width (~> 1.0, >= 1.0.1)
    ruby-progressbar (1.8.1)
    safe_yaml (1.0.4)
    songkick-transport (1.11.0)
      multipart-post (>= 1.1.0)
      yajl-ruby (>= 1.1.0)
    thread_safe (0.3.5)
    tzinfo (1.2.2)
      thread_safe (~> 0.1)
    unf (0.1.4)
      unf_ext
    unf_ext (0.0.7.2)
    unicode-display_width (1.1.2)
    webmock (2.3.1)
      addressable (>= 2.3.6)
      crack (>= 0.3.2)
      hashdiff
    websocket (1.2.3)
    websocket-client-simple (0.3.0)
      event_emitter
      websocket
    yajl-ruby (1.2.1)

PLATFORMS
  ruby

DEPENDENCIES
  curb (~> 0.9.3)
  discordrb (~> 3.1.1)
  factory_girl (~> 4.8.0)
  levenshtein-ffi (~> 1.1.0)
  nokogiri (~> 1.7.0)
  prius (~> 1.0)
  rspec (~> 3.4.0)
  rspec_junit_formatter (= 0.2.3)
  rubocop (~> 0.46.0)
  songkick-transport (~> 1.11.0)
  webmock (~> 2.3.1)

BUNDLED WITH
   1.13.7
